GEM
  remote: https://rubygems.org/
  specs:
    cairo (1.17.12)
      native-package-installer (>= 1.0.3)
      pkg-config (>= 1.2.2)
      red-colors
    matrix (0.4.2)
    native-package-installer (1.1.8)
    pkg-config (1.5.5)
    red-colors (0.3.0)
      matrix

PLATFORMS
  ruby

DEPENDENCIES
  cairo (>= 1.15.5)

BUNDLED WITH
   1.17.3
